PATH
  remote: .
  specs:
    bcrypt_pbkdf (1.0.1)

GEM
  remote: https://rubygems.org/
  specs:
    minitest (5.8.3)
    openssl (2.1.2)
    rake (11.1.1)
    rake-compiler (0.9.7)
      rake
    rake-compiler-dock (0.5.3)
    rdoc (6.3.1)

PLATFORMS
  ruby

DEPENDENCIES
  bcrypt_pbkdf!
  minitest (>= 5)
  openssl
  rake-compiler (~> 0.9.7)
  rake-compiler-dock (~> 0.5.3)
  rdoc (~> 6.3)

BUNDLED WITH
   1.17.3
